GEM
  remote: http://rubygems.org/
  specs:
    builder (3.0.0)
    geminabox (0.6.1)
      builder
      httpclient
      sinatra
    httpclient (2.2.4)
    rack (1.4.1)
    rack-protection (1.2.0)
      rack
    sinatra (1.3.2)
      rack (~> 1.3, >= 1.3.6)
      rack-protection (~> 1.2)
      tilt (~> 1.3, >= 1.3.3)
    tilt (1.3.3)

PLATFORMS
  ruby

DEPENDENCIES
  geminabox
  sinatra
