GIT
  remote: git://github.com/GXSRollStream/geminabox.git
  revision: f309e75cc5e78385f23c97c6f0c724f621cd610c
  specs:
    geminabox (0.6.1)
      builder
      httpclient
      sinatra

GEM
  remote: http://rubygems.org/
  specs:
    builder (3.0.0)
    httpclient (2.2.4)
    rack (1.4.1)
    rack-protection (1.2.0)
      rack
    sinatra (1.3.2)
      rack (~> 1.3, >= 1.3.6)
      rack-protection (~> 1.2)
      tilt (~> 1.3, >= 1.3.3)
    tilt (1.3.3)

PLATFORMS
  ruby

DEPENDENCIES
  geminabox!
