GIT
  remote: git://github.com/GXSRollStream/geminabox.git
  revision: 3cf6de398abd817e1f60c5ea262d633a70347d33
  specs:
    geminabox (0.6.1)
      builder
      httpclient
      sinatra

GEM
  remote: http://rubygems.org/
  specs:
    addressable (2.2.7)
    builder (3.0.0)
    heroku (2.24.1)
      launchy (>= 0.3.2)
      netrc (~> 0.7.1)
      rest-client (~> 1.6.1)
      rubyzip
    httpclient (2.2.4)
    launchy (2.1.0)
      addressable (~> 2.2.6)
    mime-types (1.18)
    netrc (0.7.1)
    rack (1.4.1)
    rack-protection (1.2.0)
      rack
    rest-client (1.6.7)
      mime-types (>= 1.16)
    rubyzip (0.9.7)
    sinatra (1.3.2)
      rack (~> 1.3, >= 1.3.6)
      rack-protection (~> 1.2)
      tilt (~> 1.3, >= 1.3.3)
    tilt (1.3.3)

PLATFORMS
  ruby

DEPENDENCIES
  bundler
  geminabox!
  heroku
